PATH
  remote: .
  specs:
    stamps (0.3.0)
      hashie (~> 2.0.0)
      httpi (~> 2.1.0)
      json (~> 1.0)
      multi_json (~> 1.0)
      savon (~> 2.3.0)

GEM
  remote: http://rubygems.org/
  specs:
    addressable (2.3.5)
    akami (1.2.0)
      gyoku (>= 0.4.0)
      nokogiri (>= 1.4.0)
    awesome_print (1.1.0)
    bluecloth (2.2.0)
    builder (3.2.2)
    crack (0.4.1)
      safe_yaml (~> 0.9.0)
    gyoku (1.1.0)
      builder (>= 2.1.2)
    hashie (2.0.5)
    httpi (2.1.0)
      rack
      rubyntlm (~> 0.3.2)
    json (1.8.0)
    mocha (0.9.12)
    multi_json (1.7.9)
    nokogiri (1.5.10)
    nori (2.3.0)
    rack (1.5.2)
    rake (10.1.0)
    rubyntlm (0.3.4)
    safe_yaml (0.9.5)
    savon (2.3.0)
      akami (~> 1.2.0)
      builder (>= 2.1.2)
      gyoku (~> 1.1.0)
      httpi (~> 2.1.0)
      nokogiri (>= 1.4.0, < 1.6)
      nori (~> 2.3.0)
      wasabi (~> 3.2.0)
    shoulda (2.11.3)
    simplecov (0.4.2)
      simplecov-html (~> 0.4.4)
    simplecov-html (0.4.5)
    wasabi (3.2.0)
      httpi (~> 2.0)
      nokogiri (>= 1.4.0, < 1.6)
    webmock (1.6.4)
      addressable (~> 2.2, > 2.2.5)
      crack (>= 0.1.7)
    yard (0.8.7)

PLATFORMS
  ruby

DEPENDENCIES
  awesome_print
  bluecloth
  mocha (~> 0.9.11)
  rake
  shoulda (~> 2.11.3)
  simplecov (~> 0.4.0)
  stamps!
  webmock (~> 1.6.2)
  yard
